GEM
  remote: https://rubygems.org/
  specs:
    blankslate (2.1.2.4)
    ffi (1.0.11)
    listen (0.5.0)
    mustache (0.99.4)
    pygments.rb (0.2.13)
      rubypython (~> 0.5.3)
    rb-inotify (0.8.8)
      ffi (>= 0.5.0)
    redcarpet (2.1.1)
    rerun (0.7.1)
      listen
    rubypython (0.5.3)
      blankslate (>= 2.1.2.3)
      ffi (~> 1.0.7)

PLATFORMS
  ruby

DEPENDENCIES
  mustache
  pygments.rb
  rb-inotify (~> 0.8.8)
  redcarpet
  rerun

BUNDLED WITH
   1.10.3
