GEM
  remote: https://rubygems.org/
  specs:
    ffi (1.9.23)
    listen (0.7.3)
    multi_json (1.13.1)
    mustache (1.0.5)
    pygments.rb (1.2.1)
      multi_json (>= 1.0.0)
    rb-inotify (0.8.8)
      ffi (>= 0.5.0)
    redcarpet (3.4.0)
    rerun (0.8.0)
      listen

PLATFORMS
  ruby

DEPENDENCIES
  mustache
  pygments.rb
  rb-inotify (~> 0.8.8)
  redcarpet
  rerun

BUNDLED WITH
   1.16.2
