GEM
  remote: https://rubygems.org/
  specs:
    ffi (1.9.14)
    listen (0.7.3)
    mustache (1.0.3)
    posix-spawn (0.3.11)
    pygments.rb (0.6.3)
      posix-spawn (~> 0.3.6)
      yajl-ruby (~> 1.2.0)
    rb-inotify (0.8.8)
      ffi (>= 0.5.0)
    redcarpet (3.3.4)
    rerun (0.8.0)
      listen
    yajl-ruby (1.2.1)

PLATFORMS
  ruby

DEPENDENCIES
  mustache
  pygments.rb
  rb-inotify (~> 0.8.8)
  redcarpet
  rerun

BUNDLED WITH
   1.11.2
